GEM
  remote: https://rubygems.org/
  specs:
    rake (10.5.0)
    semver (1.0.1)

PLATFORMS
  ruby
  x64-mingw32
  x86-mingw32

DEPENDENCIES
  rake (~> 10.5, >= 10.5.0)
  semver (~> 1.0, >= 1.0.1)

BUNDLED WITH
   1.16.1
